GEM
  remote: https://rubygems.org/
  specs:
    airbrussh (1.5.3)
      sshkit (>= 1.6.1, != 1.7.0)
    aws-eventstream (1.3.2)
    aws-partitions (1.1074.0)
    aws-sdk-core (3.221.0)
      aws-eventstream (~> 1, >= 1.3.0)
      aws-partitions (~> 1, >= 1.992.0)
      aws-sigv4 (~> 1.9)
      base64
      jmespath (~> 1, >= 1.6.1)
      logger
    aws-sdk-ec2 (1.513.0)
      aws-sdk-core (~> 3, >= 3.216.0)
      aws-sigv4 (~> 1.5)
    aws-sdk-elasticloadbalancingv2 (1.130.0)
      aws-sdk-core (~> 3, >= 3.216.0)
      aws-sigv4 (~> 1.5)
    aws-sigv4 (1.11.0)
      aws-eventstream (~> 1, >= 1.0.2)
    base64 (0.2.0)
    capistrano (3.19.2)
      airbrussh (>= 1.0.0)
      i18n
      rake (>= 10.0.0)
      sshkit (>= 1.9.0)
    concurrent-ruby (1.3.5)
    date (3.4.1)
    dotenv (3.1.7)
    i18n (1.14.7)
      concurrent-ruby (~> 1.0)
    io-console (0.8.0)
    irb (1.15.2)
      pp (>= 0.6.0)
      rdoc (>= 4.0.0)
      reline (>= 0.4.2)
    jmespath (1.6.2)
    logger (1.6.6)
    net-scp (4.1.0)
      net-ssh (>= 2.6.5, < 8.0.0)
    net-sftp (4.0.0)
      net-ssh (>= 5.0.0, < 8.0.0)
    net-ssh (7.3.0)
    ostruct (0.6.1)
    pp (0.6.2)
      prettyprint
    prettyprint (0.2.0)
    psych (5.2.3)
      date
      stringio
    rake (13.2.1)
    rdoc (6.13.1)
      psych (>= 4.0.0)
    reline (0.6.1)
      io-console (~> 0.5)
    rexml (3.4.1)
    sshkit (1.24.0)
      base64
      logger
      net-scp (>= 1.1.2)
      net-sftp (>= 2.1.2)
      net-ssh (>= 2.8.0)
      ostruct
    stringio (3.1.6)

PLATFORMS
  arm64-darwin-24
  ruby

DEPENDENCIES
  aws-sdk-ec2
  aws-sdk-elasticloadbalancingv2
  capistrano
  dotenv
  irb
  rexml

BUNDLED WITH
   2.6.7
